GEM
  remote: https://rubygems.org/
  specs:
    httparty (0.14.0)
      multi_xml (>= 0.5.2)
    multi_xml (0.6.0)
    rubyzip (1.2.1)

PLATFORMS
  x86-mingw32

DEPENDENCIES
  httparty
  rubyzip

BUNDLED WITH
   1.13.2
